PATH
  remote: .
  specs:
    jazzy (0.0.5)
      activesupport (~> 4.1)
      mustache (~> 0.99)
      nokogiri (~> 1.6)
      redcarpet (~> 3.2)

GEM
  remote: http://rubygems.org/
  specs:
    activesupport (4.1.4)
      i18n (~> 0.6, >= 0.6.9)
      json (~> 1.7, >= 1.7.7)
      minitest (~> 5.1)
      thread_safe (~> 0.1)
      tzinfo (~> 1.1)
    i18n (0.6.9)
    json (1.8.1)
    mini_portile (0.6.0)
    minitest (5.3.5)
    mustache (0.99.5)
    nokogiri (1.6.2.1)
      mini_portile (= 0.6.0)
    rake (10.3.2)
    redcarpet (3.2.0)
    thread_safe (0.3.4)
    tzinfo (1.2.1)
      thread_safe (~> 0.1)

PLATFORMS
  ruby

DEPENDENCIES
  bundler (~> 1.7)
  jazzy!
  rake (~> 10.3)
