PATH
  remote: .
  specs:
    jazzy (0.0.5)
      activesupport (~> 4.1)
      mustache (~> 0.99)
      nokogiri (~> 1.6)
      redcarpet (~> 3.2)

GEM
  remote: http://rubygems.org/
  specs:
    activesupport (4.1.4)
      i18n (~> 0.6, >= 0.6.9)
      json (~> 1.7, >= 1.7.7)
      minitest (~> 5.1)
      thread_safe (~> 0.1)
      tzinfo (~> 1.1)
    ast (2.0.0)
    astrolabe (1.3.0)
      parser (>= 2.2.0.pre.3, < 3.0)
    bacon (1.2.0)
    i18n (0.6.9)
    json (1.8.1)
    mini_portile (0.6.0)
    minitest (5.3.5)
    mustache (0.99.5)
    nokogiri (1.6.2.1)
      mini_portile (= 0.6.0)
    parser (2.2.0.pre.5)
      ast (>= 1.1, < 3.0)
      slop (~> 3.4, >= 3.4.5)
    powerpack (0.0.9)
    rainbow (2.0.0)
    rake (10.3.2)
    redcarpet (3.2.0)
    rubocop (0.26.1)
      astrolabe (~> 1.3)
      parser (>= 2.2.0.pre.4, < 3.0)
      powerpack (~> 0.0.6)
      rainbow (>= 1.99.1, < 3.0)
      ruby-progressbar (~> 1.4)
    ruby-progressbar (1.6.0)
    slop (3.6.0)
    thread_safe (0.3.4)
    tzinfo (1.2.1)
      thread_safe (~> 0.1)

PLATFORMS
  ruby

DEPENDENCIES
  bacon
  bundler (~> 1.7)
  jazzy!
  rake (~> 10.3)
  rubocop
